GEM
  remote: https://rubygems.org/
  specs:
    coderay (1.1.0)
    dotenv (0.9.0)
    faraday (0.9.0)
      multipart-post (>= 1.2, < 3)
    ffi (1.9.3)
    idobata_hook (0.0.1)
      faraday (~> 0.9.0)
      mime-types (~> 1.25.1)
    method_source (0.8.2)
    mime-types (1.25.1)
    multipart-post (2.0.0)
    pi_piper (1.3.2)
      ffi
    pry (0.10.1)
      coderay (~> 1.1.0)
      method_source (~> 0.8.1)
      slop (~> 3.4)
    slop (3.6.0)

PLATFORMS
  ruby

DEPENDENCIES
  dotenv
  faraday
  idobata_hook
  pi_piper
  pry
